GIT
  remote: https://github.com/larskanis/sqlite3-ruby
  revision: 1027509079176fcc4088dcc7638101cde617cf16
  branch: add-gemspec
  specs:
    sqlite3 (1.3.13.20180326210955)

GEM
  specs:

PLATFORMS
  ruby

DEPENDENCIES
  sqlite3!

BUNDLED WITH
   2.1.4
